GEM
  remote: https://rubygems.org/
  specs:
    bio (1.4.3.0001)
    trollop (2.0)

PLATFORMS
  ruby

DEPENDENCIES
  bio
  trollop
